GEM
  remote: https://rubygems.org/
  specs:
    jwt (2.1.0)

PLATFORMS
  ruby

DEPENDENCIES
  jwt

BUNDLED WITH
   1.17.1
